GEM
  remote: https://rubygems.org/
  specs:
    ermahgerd (0.0.1)
    eventmachine (1.0.7)
    faker (1.4.3)
      i18n (~> 0.5)
    faraday (0.9.1)
      multipart-post (>= 1.2, < 3)
    faye-websocket (0.10.0)
      eventmachine (>= 0.12.0)
      websocket-driver (>= 0.5.1)
    http_router (0.11.1)
      rack (>= 1.0.0)
      url_mount (~> 0.2.1)
    i18n (0.7.0)
    ice_nine (0.11.1)
    lita (4.4.3)
      bundler (>= 1.3)
      faraday (>= 0.8.7)
      http_router (>= 0.11.1)
      i18n (>= 0.6.9)
      ice_nine (>= 0.11.0)
      multi_json (>= 1.7.7)
      puma (>= 2.7.1)
      rack (>= 1.5.2)
      rb-readline (>= 0.5.1)
      redis-namespace (>= 1.3.0)
      thor (>= 0.18.1)
    lita-catfacts (0.0.4)
      lita (>= 2.3)
    lita-ermahgerd (0.0.2)
      ermahgerd (>= 0.0.1)
      lita (>= 2.2)
    lita-eval (0.1.0)
      lita (~> 4.3)
    lita-excuses (0.0.6)
      lita (>= 2.2)
      nokogiri
    lita-faker (0.1.0)
      faker (~> 1.4)
      lita (~> 4.4)
    lita-google-images (2.0.0)
      lita (>= 4.0)
    lita-karma (3.0.2)
      lita (>= 4.0)
    lita-slack (1.5.0)
      eventmachine
      faraday
      faye-websocket (>= 0.8.0)
      lita (>= 4.4.2)
      multi_json
    mini_portile (0.6.2)
    multi_json (1.11.2)
    multipart-post (2.0.0)
    nokogiri (1.6.6.2)
      mini_portile (~> 0.6.0)
    puma (2.11.3)
      rack (>= 1.1, < 2.0)
    rack (1.6.4)
    rb-readline (0.5.3)
    redis (3.2.1)
    redis-namespace (1.5.2)
      redis (~> 3.0, >= 3.0.4)
    thor (0.19.1)
    url_mount (0.2.1)
      rack
    websocket-driver (0.6.0)
      websocket-extensions (>= 0.1.0)
    websocket-extensions (0.1.2)

PLATFORMS
  ruby

DEPENDENCIES
  lita
  lita-catfacts
  lita-ermahgerd
  lita-eval (~> 0.1.0)
  lita-excuses
  lita-faker (~> 0.1.0)
  lita-google-images
  lita-karma
  lita-slack

BUNDLED WITH
   1.10.3
